GEM
  remote: https://rubygems.org/
  specs:
    unicode-display_width (1.6.0)

PLATFORMS
  ruby

DEPENDENCIES
  unicode-display_width

BUNDLED WITH
   2.0.2
